PATH
  remote: .
  specs:
    activemessaging (0.12.2)
      activemessaging
      activesupport (>= 2.3.11)

GEM
  remote: http://rubygems.org/
  specs:
    activesupport (4.0.5)
      i18n (~> 0.6, >= 0.6.9)
      minitest (~> 4.2)
      multi_json (~> 1.3)
      thread_safe (~> 0.1)
      tzinfo (~> 0.3.37)
    appraisal (0.4.1)
      bundler
      rake
    celluloid (0.12.0)
      timers (>= 1.0.0)
    git (1.2.5)
    i18n (0.6.9)
    jeweler (1.8.4)
      bundler (~> 1.0)
      git (>= 1.2.5)
      rake
      rdoc
    jruby-activemq (5.5.1-java)
    json (1.7.4)
    json (1.7.4-java)
    minitest (4.7.5)
    multi_json (1.10.0)
    rake (0.9.2.2)
    rdoc (3.12)
      json (~> 1.4)
    stomp (1.2.4)
    thread_safe (0.3.3)
    timers (1.0.1)
    tzinfo (0.3.39)

PLATFORMS
  java
  ruby

DEPENDENCIES
  activemessaging!
  appraisal
  celluloid (~> 0.12)
  jeweler
  jruby-activemq
  stomp
