PATH
  remote: .
  specs:
    activemessaging (0.10.0)
      activemessaging
      activesupport (>= 2.3.11)
      celluloid
      reliable-msg (~> 1.1)

GEM
  remote: http://rubygems.org/
  specs:
    activesupport (3.2.7)
      i18n (~> 0.6)
      multi_json (~> 1.0)
    appraisal (0.4.1)
      bundler
      rake
    celluloid (0.11.1)
      timers (>= 1.0.0)
    git (1.2.5)
    i18n (0.6.0)
    jeweler (1.8.4)
      bundler (~> 1.0)
      git (>= 1.2.5)
      rake
      rdoc
    jruby-activemq (5.5.1-java)
    json (1.7.4)
    json (1.7.4-java)
    macaddr (1.6.1)
      systemu (~> 2.5.0)
    multi_json (1.3.6)
    rake (0.9.2.2)
    rdoc (3.12)
      json (~> 1.4)
    reliable-msg (1.1.0)
      uuid (>= 1.0.0)
    stomp (1.2.4)
    systemu (2.5.2)
    timers (1.0.1)
    uuid (2.3.5)
      macaddr (~> 1.0)

PLATFORMS
  java
  ruby

DEPENDENCIES
  activemessaging!
  activesupport
  appraisal
  jeweler
  jruby-activemq
  reliable-msg (~> 1.1)
  stomp
